PATH
  remote: .
  specs:
    minefield (0.1.0)

GEM
  remote: https://rubygems.org/
  specs:
    minitest (5.11.3)
    rake (13.0.3)

PLATFORMS
  ruby

DEPENDENCIES
  bundler (~> 1.17)
  minefield!
  minitest (~> 5.0)
  rake (~> 13.0)

BUNDLED WITH
   1.17.2
